PATH
  remote: .
  specs:
    nguyen (1.0.3)
      nokogiri (~> 1.5)

GEM
  remote: https://rubygems.org/
  specs:
    mini_portile (0.5.3)
    minitest (5.5.1)
    nokogiri (1.6.1)
      mini_portile (~> 0.5.0)
    rake (13.0.1)

PLATFORMS
  ruby

DEPENDENCIES
  minitest
  nguyen!
  rake
