PATH
  remote: .
  specs:
    nguyen (1.0.3)
      nokogiri (~> 1.5)

GEM
  remote: https://rubygems.org/
  specs:
    mini_portile2 (2.4.0)
    minitest (5.5.1)
    nokogiri (1.10.9)
      mini_portile2 (~> 2.4.0)
    rake (13.0.1)

PLATFORMS
  ruby

DEPENDENCIES
  minitest
  nguyen!
  rake
